GEM
  remote: https://rubygems.org/
  specs:
    addressable (2.8.7)
      public_suffix (>= 2.0.2, < 7.0)
    base64 (0.2.0)
    chronic (0.10.2)
    connection_pool (2.5.0)
    domain_name (0.6.20240107)
    faraday (2.12.2)
      faraday-net_http (>= 2.0, < 3.5)
      json
      logger
    faraday-net_http (3.4.0)
      net-http (>= 0.5.0)
    faraday-net_http_persistent (2.3.0)
      faraday (~> 2.5)
      net-http-persistent (>= 4.0.4, < 5)
    http-cookie (1.0.8)
      domain_name (~> 0.5)
    json (2.9.1)
    logger (1.6.5)
    mechanize (2.14.0)
      addressable (~> 2.8)
      base64
      domain_name (~> 0.5, >= 0.5.20190701)
      http-cookie (~> 1.0, >= 1.0.3)
      mime-types (~> 3.3)
      net-http-digest_auth (~> 1.4, >= 1.4.1)
      net-http-persistent (>= 2.5.2, < 5.0.dev)
      nkf
      nokogiri (~> 1.11, >= 1.11.2)
      rubyntlm (~> 0.6, >= 0.6.3)
      webrick (~> 1.7)
      webrobots (~> 0.1.2)
    mime-types (3.6.0)
      logger
      mime-types-data (~> 3.2015)
    mime-types-data (3.2025.0107)
    mini_portile2 (2.8.8)
    net-http (0.6.0)
      uri
    net-http-digest_auth (1.4.1)
    net-http-persistent (4.0.5)
      connection_pool (~> 2.2)
    nkf (0.2.0)
    nokogiri (1.18.3)
      mini_portile2 (~> 2.8.2)
      racc (~> 1.4)
    nokogiri (1.18.3-arm64-darwin)
      racc (~> 1.4)
    norairrecord (0.2.0)
      faraday (>= 1.0, < 3.0)
      faraday-net_http_persistent
      net-http-persistent
    public_suffix (6.0.1)
    racc (1.8.1)
    rake (13.2.1)
    rubyntlm (0.6.5)
      base64
    slack-notifier (2.4.0)
    uri (1.0.2)
    webrick (1.9.1)
    webrobots (0.1.2)
    whenever (1.0.0)
      chronic (>= 0.6.3)

PLATFORMS
  arm64-darwin-24
  ruby

DEPENDENCIES
  mechanize (~> 2.14)
  norairrecord (~> 0.2.0)
  rake (~> 13.2)
  slack-notifier (~> 2.4)
  whenever (~> 1.0)

BUNDLED WITH
   2.5.22
