GEM
  remote: https://rubygems.org/
  specs:
    base64 (0.2.0)
    chronic (0.10.2)
    concurrent-ruby (1.3.5)
    connection_pool (2.5.0)
    faraday (2.12.2)
      faraday-net_http (>= 2.0, < 3.5)
      json
      logger
    faraday-net_http (3.4.0)
      net-http (>= 0.5.0)
    faraday-net_http_persistent (2.3.0)
      faraday (~> 2.5)
      net-http-persistent (>= 4.0.4, < 5)
    json (2.9.1)
    logger (1.6.5)
    mime-types (3.6.0)
      logger
      mime-types-data (~> 3.2015)
    mime-types-data (3.2025.0107)
    net-http (0.6.0)
      uri
    net-http-persistent (4.0.5)
      connection_pool (~> 2.2)
    norairrecord (0.2.0)
      faraday (>= 1.0, < 3.0)
      faraday-net_http_persistent
      net-http-persistent
    puppeteer-ruby (0.45.6)
      concurrent-ruby (>= 1.1, < 1.4)
      mime-types (>= 3.0)
      websocket-driver (>= 0.6.0)
    rake (13.2.1)
    slack-notifier (2.4.0)
    uri (1.0.2)
    websocket-driver (0.7.7)
      base64
      websocket-extensions (>= 0.1.0)
    websocket-extensions (0.1.5)
    whenever (1.0.0)
      chronic (>= 0.6.3)

PLATFORMS
  arm64-darwin-24
  ruby

DEPENDENCIES
  faraday (~> 2.12)
  norairrecord (~> 0.2.0)
  puppeteer-ruby (~> 0.45.6)
  rake (~> 13.2)
  slack-notifier (~> 2.4)
  whenever (~> 1.0)

BUNDLED WITH
   2.5.22
